

GROUP Fable
STORAGE: NONE
RESTRICTION: == netstandard2.0
NUGET
  remote: https://www.nuget.org/api/v2
    Fable.Browser.Blob (1.1)
      Fable.Core (>= 3.0)
      FSharp.Core (>= 4.6.2)
    Fable.Core (3.0)
      FSharp.Core (>= 4.5.2)
    Fable.Fetch (2.1)
      Fable.Browser.Blob (>= 1.1)
      Fable.Core (>= 3.0)
      Fable.Promise (>= 2.0)
      FSharp.Core (>= 4.6.2)
    Fable.Promise (2.0)
      Fable.Core (>= 3.0)
      FSharp.Core (>= 4.5.2)
    FSharp.Core (4.7)
    Thoth.Fetch (1.1)
      Fable.Core (>= 3.0)
      Fable.Fetch (>= 2.0)
      Fable.Promise (>= 2.0)
      FSharp.Core (>= 4.6.2)
      Thoth.Json (>= 3.1)
    Thoth.Json (3.3)
      Fable.Core (>= 3.0)
      FSharp.Core (>= 4.6.2)

GROUP Framework
STORAGE: NONE
RESTRICTION: == net461
NUGET
  remote: https://www.nuget.org/api/v2
    DotNetNuke.Core (8.0.4.226)
    DotNetNuke.Web (8.0.4.226)
    DotNetNuke.WebApi (8.0.4.226)
      Microsoft.AspNet.WebApi.Client (>= 4.0.20710)
    FSharp.Core (4.7)
    Microsoft.AspNet.WebApi (5.2.3)
      Microsoft.AspNet.WebApi.WebHost (>= 5.2.3 < 5.3)
    Microsoft.AspNet.WebApi.Client (5.2.3)
      Newtonsoft.Json (>= 6.0.4)
    Microsoft.AspNet.WebApi.Core (5.2.3)
      Microsoft.AspNet.WebApi.Client (>= 5.2.3)
    Microsoft.AspNet.WebApi.WebHost (5.2.3)
      Microsoft.AspNet.WebApi.Core (>= 5.2.3 < 5.3)
    Newtonsoft.Json (11.0.2)
    Thoth.Json.Net (3.5.1)
      FSharp.Core (>= 4.6.2)
      Newtonsoft.Json (>= 11.0.2)
    Thoth.Json.Net.Formatter (0.1)
      FSharp.Core (>= 4.7)
      Microsoft.AspNet.WebApi.Client (>= 5.2.3)
      Thoth.Json.Net (>= 3.5.1)
