

GROUP Fable
STORAGE: NONE
RESTRICTION: == netstandard2.0
NUGET
  remote: https://www.nuget.org/api/v2
    Fable.Browser.Blob (1.1)
      Fable.Core (>= 3.0)
      FSharp.Core (>= 4.6.2)
    Fable.Core (3.1.5)
      FSharp.Core (>= 4.7)
    Fable.Fetch (2.2)
      Fable.Browser.Blob (>= 1.1)
      Fable.Core (>= 3.0)
      Fable.Promise (>= 2.0)
      FSharp.Core (>= 4.7)
    Fable.Promise (2.0)
      Fable.Core (>= 3.0)
      FSharp.Core (>= 4.5.2)
    FSharp.Core (4.7.1)
    Thoth.Fetch (2.0)
      Fable.Core (>= 3.1.5)
      Fable.Fetch (>= 2.1)
      Fable.Promise (>= 2.0)
      FSharp.Core (>= 4.7)
      Thoth.Json (>= 4.0)
    Thoth.Json (4.0)
      Fable.Core (>= 3.1.4)
      FSharp.Core (>= 4.7)

GROUP Framework
STORAGE: NONE
RESTRICTION: == net472
NUGET
  remote: https://www.nuget.org/api/v2
    DotNetNuke.Core (9.4.4)
      DotNetNuke.DependencyInjection (>= 9.4.4)
    DotNetNuke.DependencyInjection (9.4.4)
      Microsoft.Extensions.DependencyInjection (>= 2.1.1)
    DotNetNuke.Web (9.4.4)
      DotNetNuke.Core (>= 9.4.4)
    DotNetNuke.WebApi (9.4.4)
      DotNetNuke.Web (>= 9.4.4)
      Microsoft.AspNet.WebApi.Client (>= 5.2.3)
      Microsoft.AspNet.WebApi.Core (>= 5.2.3)
      Newtonsoft.Json (>= 10.0.3)
    FSharp.Core (4.7.1)
    Microsoft.AspNet.WebApi (5.2.3)
      Microsoft.AspNet.WebApi.WebHost (>= 5.2.3 < 5.3)
    Microsoft.AspNet.WebApi.Client (5.2.3)
      Newtonsoft.Json (>= 6.0.4)
    Microsoft.AspNet.WebApi.Core (5.2.3)
      Microsoft.AspNet.WebApi.Client (>= 5.2.3)
    Microsoft.AspNet.WebApi.WebHost (5.2.3)
      Microsoft.AspNet.WebApi.Core (>= 5.2.3 < 5.3)
    Microsoft.Bcl.AsyncInterfaces (1.1)
      System.Threading.Tasks.Extensions (>= 4.5.2)
    Microsoft.Extensions.DependencyInjection (3.1.2)
      Microsoft.Bcl.AsyncInterfaces (>= 1.1)
      Microsoft.Extensions.DependencyInjection.Abstractions (>= 3.1.2)
    Microsoft.Extensions.DependencyInjection.Abstractions (3.1.2)
    Newtonsoft.Json (11.0.2)
    System.Runtime.CompilerServices.Unsafe (4.7)
    System.Threading.Tasks.Extensions (4.5.3)
      System.Runtime.CompilerServices.Unsafe (>= 4.5.2)
    Thoth.Json.Net (4.0)
      FSharp.Core (>= 4.6.2)
      Newtonsoft.Json (>= 11.0.2)
    Thoth.Json.Net.Formatter (0.2)
      FSharp.Core (>= 4.7)
      Microsoft.AspNet.WebApi.Client (>= 5.2.3)
      Thoth.Json.Net (>= 3.6)
